emailwhen 2 2 8 0 0 2 1 0 1 64
1 "done"
0 
dcg 2 2 3 0 0 4 1 1 1 64
1 ""
2 "dc" "cdc" 
arrayflip 4 2 4 0 0 4 1 0 1 64
1 "n"
0 
acqdim 7 1 32767 0 0 2 1 0 1 64
1 1 
0 
H1reffrq 1 1 9.99999984307e+17 -9.99999984307e+17 0 2 1 0 1 64
1 499.963303392 
0 
Gz 1 1 9.99999984307e+17 -9.99999984307e+17 0 2 1 0 1 64
1 200 
0 
EDratio 1 1 9.99999984307e+17 -9.99999984307e+17 0 2 1 0 1 64
1 1 
0 
Array 7 1 32767 0 0 2 1 0 1 64
1 0 
0 
Archive1 2 2 8 0 0 2 1 0 1 64
1 ""
0 
ACQtime 7 1 100000000 0 1 2 1 256 1 64
1 232.851963658 
0 
Archive2 2 2 8 0 0 2 1 0 1 64
1 ""
0 
Del 1 1 9.99999984307e+17 -9.99999984307e+17 0 2 1 0 1 64
1 0.1 
0 
Gmapname 2 2 8 0 0 2 1 1 1 64
1 ""
0 
Gmap 2 2 8 0 0 2 1 1 1 64
1 "lk"
0 
Gz2 1 1 9.99999984307e+17 -9.99999984307e+17 0 2 1 0 1 64
1 12307 
0 
Gz1 1 1 9.99999984307e+17 -9.99999984307e+17 0 2 1 0 1 64
1 8205 
0 
Gz3 1 1 9.99999984307e+17 -9.99999984307e+17 0 2 1 0 1 64
1 200 
0 
Gz4 1 1 9.99999984307e+17 -9.99999984307e+17 0 2 1 0 1 64
1 0 
0 
Qinsref 1 1 9.99999984307e+17 -9.99999984307e+17 0 2 1 0 1 64
1 0.000143972 
0 
PFGflg 4 2 4 0 0 2 1 0 1 64
1 "y"
0 
MinSW 2 2 8 0 0 3 1 0 1 64
1 "off"
4 "off" "auto" "manual" "skip" 
IPrunid 2 2 8 0 0 2 1 0 1 64
1 ""
0 
Qins 1 1 9.99999984307e+17 -9.99999984307e+17 0 2 1 0 1 64
1 727.5 
0 
Qgain 1 1 9.99999984307e+17 -9.99999984307e+17 0 2 1 0 1 64
1 10 
0 
REQexp 2 2 8 0 0 4 1 256 1 64
1 "wet1D PRESAT PROTON"
0 
Qmult 1 1 9.99999984307e+17 -9.99999984307e+17 0 2 1 0 1 64
1 1 
0 
acqcycles 1 1 9.99999984307e+17 -9.99999984307e+17 0 2 1 0 1 64
1 400 
0 
array 2 2 256 0 0 2 1 1 1 64
1 "gzlvl0,nid"
0 
adirtmplt 2 2 8 0 0 2 1 0 1 64
1 "$userdir$/data"
0 
acqstatus 7 1 32767 0 0 2 1 256 1 64
2 101 0 
0 
acqpath 2 2 8 0 0 2 1 0 1 64
1 ""
0 
actionid 2 2 8 0 0 4 1 0 1 64
1 "null"
0 
adir2tmplt 2 2 8 0 0 2 1 0 1 64
1 ""
0 
alock 2 2 8 0 0 2 1 0 1 64
1 "n"
5 "a" "n" "s" "u" "y" 
alfa 6 1 8190 0 0.4 2 1 2 1 64
1 10 
0 
aig 2 2 2 0 0 4 1 1 1 64
1 "ai"
2 "nm" "ai" 
apptype 2 2 8 0 0 2 1 1 1 64
1 "lstd1D"
0 
ap 2 2 1023 0 0 4 1 6 1 64
1 "1:SAMPLE:date,solvent,file;1:ACQUISITION:sw:1,at:3,np:0,fb:0,bs(bs):0,ss(ss):0,d1:3,d2(d2):6,nt:0,ct:0;1:TRANSMITTER:tn,sfrq:3,tof:1,tpwr:0,pw:3,p1(p1):3;1:DECOUPLER:dn,dof:1,dm,decwave,dpwr:0,dmf:0;2:PRESATURATION:satmode,wet;2:SPECIAL:temp:1,gain:0,spin:0,hst:3,pw90:3,alfa:3;2:FLAGS:il,in,dp,hs;2:PROCESSING:lb(lb):2,sb(sb):3,sbs(sb):3,gf(gf):3,gfs(gf):3,awc(awc):3,lsfid(lsfid):0,lsfrq(lsfrq):1,phfid(phfid):1,fn:0;2:DISPLAY:sp:1,wp:1,rfl:1,rfp:1,rp:1,lp:1;2:PLOT:wc:0,sc:0,vs:0,th:0,aig*,dcg*,dmg*;"
0 
archivedir 2 2 8 0 0 2 1 0 1 64
1 "/home/vnmr1/vnmrsys/data"
0 
arraydscale 4 2 4 0 0 4 1 0 1 64
1 "n"
0 
arraydim 7 1 32768 1 1 2 1 5 1 64
1 400 
0 
arraydelta 7 1 32767 0 0 4 1 0 1 64
1 1 
0 
arraydodc 4 2 4 0 0 4 1 0 1 64
1 "n"
0 
arrayelemts 1 1 9.99999984307e+17 -9.99999984307e+17 0 2 1 0 1 64
1 2 
0 
cppauseflg 4 2 4 0 0 4 1 0 1 64
1 "n"
0 
bipflg 2 2 8 0 0 2 1 8 1 64
1 "nn"
0 
awc 1 1 1 -1 0.001 3 1 1 0 64
1 0 
0 
arraystop 7 1 32767 0 0 4 1 0 1 64
1 385 
0 
arraymax 7 1 32767 0 0 4 1 0 1 64
1 400 
0 
arraystart 7 1 32767 0 0 4 1 0 1 64
1 1 
0 
at 1 1 14 14 14 2 1 8203 1 64
1 1.368 
0 
arraywhitewash 4 2 4 0 0 4 1 0 1 64
1 "n"
0 
avwdir 2 2 8 0 0 3 1 0 1 64
1 ""
0 
axis 4 2 4 0 0 4 1 0 1 64
1 "p"
11 "c" "d" "1" "2" "3" "h" "k" "m" "n" "p" "u" 
awc1 1 1 1 -1 0.001 3 1 1 0 64
1 0 
0 
axisf 4 2 4 0 0 4 1 0 1 64
1 "s"
4 "m" "n" "s" "u" 
chunk 1 1 9.99999984307e+17 -9.99999984307e+17 0 2 1 0 1 64
1 0 
0 
celem 1 1 9.99999984307e+17 -9.99999984307e+17 0 2 1 0 1 64
1 400 
0 
c13wet 4 2 4 0 0 2 1 0 1 64
1 "n"
0 
bs 7 1 32767 0 1 2 1 0 1 64
1 1 
0 
cf 7 1 32767 0 1 3 1 1 0 64
1 1 
0 
compshape 2 2 8 0 0 2 1 0 1 64
1 "hard"
0 
composit 4 2 4 0 0 2 1 0 1 64
1 "n"
0 
comment 2 2 8 0 0 3 1 0 1 64
1 ""
0 
console 2 2 8 0 0 2 1 0 1 64
1 "vnmrs"
0 
concentration 1 1 9.99e+17 -9.99e+17 0 2 1 8 1 64
1 0 
0 
cp 2 2 1 0 0 2 1 0 1 64
1 "y"
2 "y" "n" 
d1 3 1 14 14 14 2 1 8194 1 64
1 3 
0 
ct 7 1 1000000000 0 1 2 1 6 1 64
1 16 
0 
cr1 1 1 1000000000 -1000000000 0 4 1 3 1 64
1 44.0956561426 
0 
cr 1 1 1000000000 -1000000000 0 4 1 1 1 64
1 1485.35457689 
0 
crf 1 1 9.99999984307e+17 -9.99999984307e+17 0 4 1 0 1 64
1 -0.0593731010851 
0 
cutoff 1 1 9.99999984307e+17 -9.99999984307e+17 0 4 1 0 0 64
1 200 
0 
customflag 4 2 4 0 0 4 1 0 1 64
1 "n"
0 
datname 2 2 8 0 0 3 1 0 1 64
1 ""
0 
dataid 2 2 8 0 0 3 1 0 1 64
1 ""
0 
d2 3 1 14 14 14 2 1 8194 1 64
1 0 
0 
date 2 2 9 0 0 2 1 1 1 64
1 "Oct 23 2020"
0 
dbwwet 1 1 9.99999984307e+17 -9.99999984307e+17 0 2 1 0 1 64
1 5000 
0 
dof 5 1 8 8 8 2 1 8202 1 64
1 1533.1 
0 
dgssm 2 2 8 0 0 4 1 6 1 64
1 "1:WET:wet,gzlvlw,gtw:6,gswet:6,dz:6;1:C13 WET:c13wet,dofwet:1,dpwrwet,dmfwet;2:WETshapes:wetshape1,wetshape2,wetshape3,wetshape4;3:WETpowers:wetpwr1,wetpwr2,wetpwr3,wetpwr4;3:WETpulses:pwwet1:3,pwwet2:3,pwwet3:3,pwwet4:3;4:PRESAT:satmode,satpwr,satdly:3,satfrq:1;"
0 
density 1 1 9.99999984307e+17 -9.99999984307e+17 0 2 1 0 1 64
1 1 
0 
decwavewet 2 2 8 0 0 2 1 0 1 64
1 "w"
0 
dec2wave 2 2 8 0 0 2 1 0 1 64
1 "g"
0 
ddrpm 2 2 8 0 0 2 1 0 1 64
1 "e"
0 
dcrmv 4 2 9.99999984307e+17 -9.99999984307e+17 0 4 1 0 1 64
1 "n"
2 "y" "n" 
ddrtc 6 1 1000 0 0.4 2 1 0 1 64
1 10 
0 
dec3wave 2 2 8 0 0 2 1 0 1 64
1 "g"
0 
decwave 2 2 8 0 0 2 1 0 1 64
1 "W40_HCN5mm"
0 
delcor 1 1 9.99999984307e+17 -9.99999984307e+17 0 2 1 0 1 64
1 60 
0 
del 1 1 9.99999984307e+17 -9.99999984307e+17 0 2 1 0 1 64
1 0.1 
0 
del0 1 1 9.99999984307e+17 -9.99999984307e+17 0 2 1 0 1 64
1 0.05 
0 
delta1 1 1 5000000 0 0 4 1 3 1 64
1 5.74097759956 
0 
delta 1 1 5000000 0 0 4 1 1 1 64
1 2163.0859375 
0 
deltaf 1 1 100 0 0 4 1 0 1 64
1 1.88118983438 
0 
dg2 2 2 8 0 0 4 1 4 1 64
6 "1:1st DECOUPLING:dfrq:3,dn,dpwr:0,dof:1,dm,dmm,dmf:0,dseq,dres:1,homo;"
"2(numrfch>2):2nd DECOUPLING:dfrq2:3,dn2,dpwr2:0,dof2:1,dm2,dmm2,dmf2:0,dseq2,dres2:1,homo2;"
"2(numrfch>3):3rd DECOUPLING:dfrq3:3,dn3,dpwr3:0,dof3:1,dseq3,dres3:1,homo3;"
"3(ni2):3D ACQUISITION:d3:3,sw2:1,ni2:0,phase2:0;"
"3(ni2):3D DISPLAY:rp2:1,lp2:1;"
"4(ni2):3D PROCESSING:lb2:3,sb2:3,sbs2(sb2):3,gf2:3,gfs2(gf2):3,awc2:3,wtfile2,proc2,fn2:0;"
0 
dg 2 2 1023 0 0 4 1 6 1 64
1 "1:ACQUISITION:seqfil,sw:1,at:3,np:0,fb:0,bs(bs):0,ss(ss):0,d1:3,d2(d2):6,nt:0,ct:0;1:SAMPLE:date,solvent,sample;2:TRANSMITTER:tn,sfrq:3,tof:1,tpwr:0,pw:3,p1(p1):3;2:DECOUPLER:dn,dof:1,dm,decwave,dpwr:0,dmf:0;3:SPECIAL:temp:1,spin:0,gain:0,hst:3,pw90:3,alfa:3;3:PRESATURATION:satmode,wet;3:Details in dgss:;4:PROCESSING:cf(nf):0,lb:2,sb:3,sbs(sb):3,gf:3,gfs(gf):3,awc:3,lsfid:0,lsfrq(lsfrq):1,phfid(phfid):1,fn:0,math(math<>'f'),wtfile(wtfile<>'');4:FLAGS:il,in,dp,hs;"
0 
dfrq 5 1 1000000000 -1000000000 0 2 1 8 1 64
1 125.7293202 
0 
dg1 2 2 1023 0 0 4 1 6 1 64
1 "1:DISPLAY:sp:1,wp:1,vs:0;1:REFERENCE:rfl:1,rfp:1,cr:1,delta:1;1:PHASE:lp:1,rp:1,rp1(ni):1,lp1(ni):1;2:CHART:sc:0,wc:0,hzmm:2,vp:0,axis,pltmod,,th:0,,ho:2,vo:2,,trace:2;3(ni):2D:sp1:1,wp1:1,sc2:0,wc2:0,rfl1:1,rfp1:1;3:FLAGS:aig*,dcg*,dmg*;3:FID:sf:3,wf:3,vf:0;4:INTEGRAL:intmod,is:2,ins:3,io:0,,lvl:3,tlt:3;"
0 
dgs 2 2 1023 0 0 4 1 6 1 64
5 "1:AXIAL SHIMS:z1:0,z2:0,z3:0,z4:0,z5:0,z6:0,z7:0;"
"2:NON AXIAL SHIMS:x1:0,y1:0,xz:0,yz:0,xy:0,x2y2:0,x3:0,y3:0,xz2:0,yz2:0,zxy:0,zx2y2:0,z3x:0,z3y:0;"
"3:NON AXIAL SHIMS:z2x2y2:0,z2xy:0,zx3:0,zy3:0,z4x:0,z4y:0;"
"4:AUTOMATION:method,wshim,load,,spin:0,gain:0,alock,loc:0;"
"4:SPECIAL:temp;"
0 
dglp 2 2 8 0 0 4 1 7 1 64
1 "1(lpfilt):LP:lpalg,lpopt,lpfilt:0,lpnupts:0,strtlp:0,lpext:0,strtext:0;2(lpfilt1):LP 1:lpalg1,lpopt1,lpfilt1:0,lpnupts1:0,strtlp1:0,lpext1:0,strtext1:0;3(lpfilt2):LP 2:lpalg2,lpopt2,lpfilt2:0,lpnupts2:0,strtlp2:0,lpext2:0,strtext2:0;4:LP OUTPUT:lpprint(lpfilt):0,lptrace(lpfilt):0,lpprint1(lpfilt1):0,lptrace1(lpfilt1):0,lpprint2(lpfilt2):0,lptrace2(lpfilt2):0;"
0 
dgss 2 2 8 0 0 4 1 6 1 64
1 "1:WET:wet,wetshape,wetpwr,pwwet:3,composit,compshape,gzlvlw,gtw:6,gswet:6,dz:6;2:C13 WET:c13wet,dofwet:1,dpwrwet,dmfwet,decwavewet;4:PRESAT:satmode,satpwr,satdly:3,satfrq:1;"
0 
dmmwet 2 2 8 0 0 2 1 0 1 64
1 "w"
0 
dmfwet 7 1 32767 0 0 2 1 0 1 64
1 5517 
0 
dlp 7 1 10 10 10 2 1 8194 0 64
1 10 
0 
disCmd 2 2 8 0 0 4 1 0 1 64
1 ""
0 
dhp 1 1 9 9 9 2 1 8192 0 64
1 40 
0 
displaymode 4 2 9.99999984307e+17 -9.99999984307e+17 0 4 1 0 1 64
1 "r"
0 
dmf 7 1 11 11 11 2 1 8194 1 64
1 32258 
0 
dm 4 2 4 0 0 2 1 0 1 64
1 "nnn"
4 "a" "n" "s" "y" 
dmg1 2 2 8 0 0 4 1 0 1 64
1 ""
4 "" "av1" "ph1" "pwr1" 
dmg 2 2 2 0 0 4 1 3 1 64
1 "av"
0 
dmm 4 2 4 0 0 2 1 0 1 64
1 "ccc"
9 "c" "f" "g" "m" "p" "r" "u" "w" "x" 
dn4ref 2 2 8 0 0 4 1 1 1 64
1 ""
0 
dn3ref 2 2 8 0 0 4 1 1 1 64
1 ""
0 
dn2ref 2 2 8 0 0 4 1 1 1 64
1 ""
0 
dn 2 2 4 0 0 2 1 8 1 64
1 "C13"
0 
dn2shapes 2 2 8 0 0 2 1 256 1 64
3 ""
""
""
0 
dn3shapes 2 2 8 0 0 2 1 256 1 64
3 ""
""
""
0 
dnbipshp 2 2 8 0 0 2 1 0 1 64
1 "hard"
0 
dnbippwr 1 1 9 9 9 2 1 8192 1 64
1 61 
0 
dnbippw 6 1 1000000 0 0.025 2 1 0 1 64
1 30.2 
0 
dnshapes 2 2 8 0 0 2 1 256 1 64
3 ""
""
""
0 
dnref 2 2 8 0 0 4 1 1 1 64
1 "Me4Si, 1% in CDCl3"
0 
dod 3 1 14 14 14 2 1 8194 1 64
1 0.00999999977648 
0 
dres 7 1 360 1 0 2 1 0 1 64
1 9 
0 
dpf_wc2 1 1 9.99999984307e+17 -9.99999984307e+17 0 4 1 0 1 64
1 300 
0 
dotflag 2 2 8 0 0 4 1 0 1 64
1 "n"
2 "n" "y" 
dopwCal 2 2 8 0 0 2 1 256 1 64
3 "n"
"4.0"
"1.0"
0 
dofwet 5 1 1000000000 -1000000000 0 2 1 0 1 64
1 0 
0 
doscout 7 1 10 -10 1 2 1 0 0 64
1 0 
0 
dpatwet 2 2 8 0 0 2 1 0 1 64
1 "waltz16"
0 
dp 2 2 1 0 0 2 1 0 1 64
1 "y"
2 "y" "n" 
dpwrwet 1 1 9.99999984307e+17 -9.99999984307e+17 0 2 1 0 1 64
1 39 
0 
dpwr 1 1 9 9 9 2 1 8194 1 64
1 40 
0 
dreffrq 1 1 9.99999984307e+17 -9.99999984307e+17 0 2 1 0 1 64
1 125.715872631 
0 
dss_wc 1 1 9.99999984307e+17 -9.99999984307e+17 0 4 1 0 1 64
1 234 
0 
dseq 2 2 8 0 0 2 1 0 1 64
1 "W40_OneNMR_A001"
0 
droppts 3 1 14 14 14 2 1 8192 1 64
1 2 
0 
dreswet 1 1 9.99999984307e+17 -9.99999984307e+17 0 2 1 0 1 64
1 90 
0 
dsSelect 7 1 32767 0 0 4 1 0 1 64
385 1 2 3 4 5 6 7 8 9 10 11 12 13 14 15 16 17 18 19 20 21 22 23 24 25 26 27 28 29 30 31 32 33 34 35 36 37 38 39 40 41 42 43 44 45 46 47 48 49 50 51 52 53 54 55 56 57 58 59 60 61 62 63 64 65 66 67 68 69 70 71 72 73 74 75 76 77 78 79 80 81 82 83 84 85 86 87 88 89 90 91 92 93 94 95 96 97 98 99 100 101 102 103 104 105 106 107 108 109 110 111 112 113 114 115 116 117 118 119 120 121 122 123 124 125 126 127 128 129 130 131 132 133 134 135 136 137 138 139 140 141 142 143 144 145 146 147 148 149 150 151 152 153 154 155 156 157 158 159 160 161 162 163 164 165 166 167 168 169 170 171 172 173 174 175 176 177 178 179 180 181 182 183 184 185 186 187 188 189 190 191 192 193 194 195 196 197 198 199 200 201 202 203 204 205 206 207 208 209 210 211 212 213 214 215 216 217 218 219 220 221 222 223 224 225 226 227 228 229 230 231 232 233 234 235 236 237 238 239 240 241 242 243 244 245 246 247 248 249 250 251 252 253 254 255 256 257 258 259 260 261 262 263 264 265 266 267 268 269 270 271 272 273 274 275 276 277 278 279 280 281 282 283 284 285 286 287 288 289 290 291 292 293 294 295 296 297 298 299 300 301 302 303 304 305 306 307 308 309 310 311 312 313 314 315 316 317 318 319 320 321 322 323 324 325 326 327 328 329 330 331 332 333 334 335 336 337 338 339 340 341 342 343 344 345 346 347 348 349 350 351 352 353 354 355 356 357 358 359 360 361 362 363 364 365 366 367 368 369 370 371 372 373 374 375 376 377 378 379 380 381 382 383 384 385 
0 
dss_sc 1 1 9.99999984307e+17 -9.99999984307e+17 0 4 1 0 1 64
1 0 
0 
dseqwet 2 2 8 0 0 2 1 0 1 64
1 "waltz16"
0 
dss_sc2 1 1 9.99999984307e+17 -9.99999984307e+17 0 4 1 0 1 64
1 0 
0 
dutyc 1 1 9.99999984307e+17 -9.99999984307e+17 0 2 1 0 1 64
1 0.1 
0 
dss_wc2 1 1 9.99999984307e+17 -9.99999984307e+17 0 4 1 0 1 64
1 139 
0 
eOptions 2 2 8 0 0 4 1 264 1 64
2 "emailplot"
"saveplot"
0 
dz 3 1 14 14 14 2 1 8192 1 64
1 1e-05 
0 
emailaddr 2 2 8 0 0 4 1 0 1 64
1 ""
0 
prgd1 3 1 14 14 14 2 1 8192 1 64
1 0.0002 
0 
lifrq 1 1 1000000000 -1000000000 0 4 1 0 0 64
1 0 
0 
gzlvl9 1 1 1000000 -1000000 1 2 1 0 1 64
1 4635 
0 
fpmult1 1 1 1000000000 0 0 3 2 0 0 64
1 0.5 
0 
fidinfo 2 2 8 0 0 3 1 0 1 64
1 "/home/hyq/vnmrsys/exp36/ftinfo"
0 
fidadd 1 1 9.99999984307e+17 -9.99999984307e+17 0 3 1 0 1 64
1 20 
0 
f1SW 2 2 8 0 0 2 1 1 1 64
1 ""
0 
explabel 2 2 8 0 0 2 1 0 1 64
1 "PSYCHE"
0 
evolPS 3 1 14 14 14 2 1 8192 1 64
1 0 
0 
emessage 4 2 4 0 0 2 1 0 1 64
1 "n"
0 
exppath 2 2 8 0 0 2 1 0 1 64
1 "/home/hyq_tmp1/vnmrsys/exp400/acqfil"
0 
explist 2 2 8 0 0 2 1 256 1 64
1 "PSYCHE"
0 
fb 7 1 6 6 6 2 1 8203 1 64
1 4000 
0 
faculty 2 2 8 0 0 2 1 0 1 64
1 ""
0 
f2SW 2 2 8 0 0 2 1 1 1 64
1 ""
0 
fdffile 2 2 8 0 0 3 1 0 1 64
1 ""
0 
fdfdir 2 2 8 0 0 3 1 0 1 64
1 ""
0 
fidautoshift 1 1 9.99999984307e+17 -9.99999984307e+17 0 3 1 0 1 64
2 -2 100 
0 
fidautophase 1 1 9.99999984307e+17 -9.99999984307e+17 0 3 1 0 0 64
1 0 
0 
fidautofreq 1 1 9.99999984307e+17 -9.99999984307e+17 0 3 1 0 0 64
1 0 
0 
fidamp 1 1 9.99999984307e+17 -9.99999984307e+17 0 3 1 0 0 64
1 0 
0 
fidautophasepar 2 2 8 0 0 3 1 0 1 64
1 ""
0 
fidfreq 1 1 9.99999984307e+17 -9.99999984307e+17 0 3 1 0 0 64
1 0 
0 
fidecc 2 2 8 0 0 3 1 0 1 64
1 ""
0 
fideccls 1 1 9.99999984307e+17 -9.99999984307e+17 0 3 1 0 0 64
1 0 
0 
fidid 2 2 8 0 0 2 1 0 1 64
1 ""
0 
filename 2 2 8 0 0 2 1 1 1 64
1 ""
0 
fidscanmode 4 2 9.99999984307e+17 -9.99999984307e+17 0 4 1 0 1 64
1 "rs"
0 
fidsa 1 1 9.99999984307e+17 -9.99999984307e+17 0 3 1 0 1 64
1 100 
0 
fidphase 1 1 9.99999984307e+17 -9.99999984307e+17 0 3 1 0 0 64
1 0 
0 
fidsas 1 1 9.99999984307e+17 -9.99999984307e+17 0 3 1 0 1 64
1 2 
0 
file 2 2 6 0 0 2 1 3 1 64
1 "exp"
0 
fidshift 1 1 9.99999984307e+17 -9.99999984307e+17 0 3 1 0 0 64
1 0 
0 
fn 7 1 524288 64 -2 3 1 1 1 64
1 8192 
0 
filtfile 2 2 8 0 0 2 1 0 1 64
1 ""
0 
filter 7 1 1000000000 0 1 2 1 2 1 64
1 54.0999984741 
0 
findfrqflg 4 2 4 0 0 2 1 0 1 64
1 "n"
0 
fpmult 1 1 1000000000 0 0 3 1 0 0 64
1 1 
0 
fn1 7 1 524288 64 -2 3 1 1 1 64
1 1024 
0 
gt3 3 1 14 14 14 2 1 8192 1 64
1 0.002 
0 
gstab 3 1 14 14 14 2 1 8192 1 64
1 0.0005 
0 
gf 1 1 100000 0 0 3 1 1 1 64
1 0.08316 
0 
fzoom 7 1 32767 0 0 4 1 0 1 64
1 0 
0 
ftproc 1 1 9.99999984307e+17 -9.99999984307e+17 0 3 1 256 1 64
2 1 310 
0 
ftarg 2 2 8 0 0 3 1 0 1 64
28 "ampParameter"
"fidamp"
"freqParameter"
"fidfreq"
"phaseParameter"
"fidphase"
"autoFreqParameter"
"fidautofreq"
"autoPhaseParameter"
"fidautophase"
"autoPhaseInfo"
"fidautophasepar"
"addParameter"
"fidadd"
"eccParameter"
"fidecc"
"eccLsParameter"
"fideccls"
"saParameter"
"fidsa"
"sasParameter"
"fidsas"
"shiftParameter"
"fidshift"
"autoShiftParameter"
"fidautoshift"
"infoParameter"
"fidinfo"
0 
gain 1 1 60 0 2 2 1 0 1 64
1 50 
0 
gfs1 1 1 1000 -1000 0.001 3 1 1 0 64
1 0 
0 
gfs 1 1 1000 -1000 0.001 3 1 1 0 64
1 0 
0 
gf1 1 1 100000 0 0 3 1 1 0 64
1 1 
0 
go_id 2 2 8 0 0 2 1 7 1 64
1 "exp400.hyq_tmp1.S500M_1603467344_104924"
0 
go_Options 2 2 8 0 0 2 1 7 1 64
1 "ga"
0 
gswet 3 1 14 14 14 2 1 8192 1 64
1 0.002 
0 
gstab2 3 1 14 14 14 2 1 8192 1 64
1 0.0005 
0 
gstab0 1 1 9.99999984307e+17 -9.99999984307e+17 0 2 1 0 1 64
1 0.0005 
0 
gt1 3 1 14 14 14 2 1 8192 1 64
1 0.0015 
0 
gt0 3 1 14 14 14 2 1 8192 1 64
1 0.0028 
0 
gt2 3 1 14 14 14 2 1 8192 1 64
1 0.0015 
0 
gtss 1 1 9.99999984307e+17 -9.99999984307e+17 0 2 1 0 1 64
1 0.002 
0 
gt8 3 1 14 14 14 2 1 8192 1 64
1 0.001 
0 
gt6 3 1 14 14 14 2 1 8192 1 64
1 0.001 
0 
gt5 3 1 14 14 14 2 1 8192 1 64
1 0.0005 
0 
gt4 3 1 14 14 14 2 1 8192 1 64
1 0.001 
0 
gt7 3 1 14 14 14 2 1 8192 1 64
1 0.001 
0 
gtD 3 1 14 14 14 2 1 8192 1 64
1 0 
0 
gt9 3 1 14 14 14 2 1 8192 1 64
1 0.001 
0 
gtE 3 1 14 14 14 2 1 8192 1 64
1 0.001 
0 
gzlvl3 1 1 1000000 -1000000 1 2 1 0 1 64
1 800 
0 
gxppars 2 2 8 0 0 2 1 0 1 64
1 ""
0 
gtw 3 1 14 14 14 2 1 8192 1 64
1 0.002 
0 
gzlvl1 1 1 1000000 -1000000 1 2 1 0 1 64
1 12000 
0 
gzlvl0 1 1 1000000 -1000000 1 2 1 0 1 64
20 800 4653 6532 7981 9204 10283 11259 12156 12992 13777 14520 15227 15902 16550 17173 17774 18356 18920 19467 20000 
0 
gzlvl2 1 1 1000000 -1000000 1 2 1 0 1 64
1 19000 
0 
gzlvl5 1 1 1000000 -1000000 1 2 1 0 1 64
1 2575 
0 
gzlvl4 1 1 1000000 -1000000 1 2 1 0 1 64
1 12000 
0 
gzlvl7 1 1 1000000 -1000000 1 2 1 0 1 64
1 3605 
0 
gzlvl6 1 1 1000000 -1000000 1 2 1 0 1 64
1 3090 
0 
gzlvl8 1 1 1000000 -1000000 1 2 1 0 1 64
1 4120 
0 
ident 2 2 8 0 0 3 1 0 1 64
1 ""
0 
hdpwrf 1 1 4095 0 0 2 1 0 1 64
1 4095 
0 
gzlvlw 1 1 9.99999984307e+17 -9.99999984307e+17 0 2 1 0 1 64
1 14354 
0 
gzlvl_gtss 1 1 9.99999984307e+17 -9.99999984307e+17 0 2 1 0 1 64
1 7000 
0 
gzlvlE 1 1 1000000 -1000000 1 2 1 0 1 64
1 2564 
0 
gzlvlD 1 1 1000000 -1000000 1 2 1 0 1 64
1 0 
0 
gzlvlPS 1 1 9.99999984307e+17 -9.99999984307e+17 0 2 1 0 1 64
1 512 
0 
gzlvl_ss 1 1 9.99999984307e+17 -9.99999984307e+17 0 2 1 0 1 64
1 7000 
0 
hdmf 1 1 9.99999984307e+17 -9.99999984307e+17 0 2 1 0 1 64
1 600 
0 
hdfrqc 5 1 1000000000 -1000000000 0 2 1 256 0 64
1 0 
0 
hdfrqw 1 1 9.99999984307e+17 -9.99999984307e+17 0 2 1 256 0 64
1 10 
0 
hdpsmode 4 2 4 0 0 2 1 0 1 64
1 "n"
0 
hdof 5 1 7 7 7 2 1 8194 1 64
1 0 
0 
hdpwr 7 1 49 -16 1 2 1 2 1 64
1 1 
0 
homo 2 2 8 0 0 2 1 8 1 64
1 "n"
2 "n" "y" 
hfmode 4 2 4 0 0 2 1 1 1 64
1 ""
0 
hdseq 2 2 8 0 0 2 1 0 1 64
1 ""
0 
hdres 1 1 9.99999984307e+17 -9.99999984307e+17 0 2 1 0 1 64
1 9 
0 
hdwave 2 2 8 0 0 2 1 0 1 64
1 "SEDUCE1"
0 
ho 1 1 500 -500 0 4 1 1 1 64
1 -0.607893668831 
0 
hsgt 3 1 14 14 14 2 1 8192 1 64
1 0.002 
0 
hs 4 2 4 0 0 2 1 0 1 64
1 "nn"
2 "n" "y" 
hsglvl 1 1 1000000 -1000000 1 2 1 0 1 64
1 6180 
0 
hzmm 1 1 1000000000 -1000000000 0 4 1 11 1 64
1 42.724609375 
0 
hst 3 1 0.02 0 2.5e-08 2 1 2 1 64
1 0.00800000037998 
0 
i 1 1 9.99999984307e+17 -9.99999984307e+17 0 2 1 0 1 64
1 0 
0 
isDoneshot 1 1 9.99999984307e+17 -9.99999984307e+17 0 2 1 0 1 64
1 0 
0 
insref 1 1 9.99999984307e+17 -9.99999984307e+17 0 4 1 0 1 64
1 0.000200286332983 
0 
incPS 7 1 32767 0 0 2 1 0 1 64
1 0 
0 
in 4 2 1 0 0 2 1 0 1 64
1 "n"
3 "n" "w" "y" 
il 2 2 1 0 0 2 1 0 1 64
1 "n"
2 "y" "n" 
ins2 1 1 9.99999984307e+17 -9.99999984307e+17 0 4 1 0 1 64
1 1 
0 
ins 3 1 8190 0 1e-07 4 1 3 1 64
1 1 
0 
ins2ref 1 1 9.99999984307e+17 -9.99999984307e+17 0 4 1 0 1 64
1 1 
0 
invgcal 1 1 1000000 -1000000 1 2 1 0 1 64
1 512 
0 
intstd 2 2 8 0 0 2 1 0 1 64
1 ""
0 
intmod 2 2 8 0 0 4 1 0 1 64
1 "off"
3 "off" "partial" "full" 
investigator 2 2 8 0 0 4 1 0 1 64
1 ""
0 
is 1 1 1000000000 1e-06 0 4 1 3 1 64
1 896.833734058 
0 
io 1 1 500 -500 0.1 4 1 1 1 64
1 10 
0 
isD 1 1 9.99999984307e+17 -9.99999984307e+17 0 2 1 0 1 64
1 0 
0 
kappa 1 1 9.99999984307e+17 -9.99999984307e+17 0 2 1 0 1 64
1 0.2 
0 
iswalz 1 1 9.99999984307e+17 -9.99999984307e+17 0 2 1 0 1 64
1 0 
0 
isdiff 1 1 9.99999984307e+17 -9.99999984307e+17 0 2 1 0 1 64
1 1 
0 
isbpp 1 1 9.99999984307e+17 -9.99999984307e+17 0 2 1 0 1 64
1 1 
0 
isjacq 1 1 9.99999984307e+17 -9.99999984307e+17 0 2 1 0 1 64
1 1 
0 
iswt 1 1 9.99999984307e+17 -9.99999984307e+17 0 2 1 0 1 64
1 0 
0 
lb1 1 1 100000 -100000 0 3 1 1 1 64
1 0.318309992552 
0 
layout 2 2 8 0 0 4 1 0 1 64
1 "PSYCHE"
0 
lb 1 1 100000 -100000 0 3 1 1 0 64
1 0.3 
0 
lcpeak_ 7 1 32767 0 0 2 1 32768 1 64
1 0 
0 
liamp 1 1 1000000000 0 0 4 1 0 0 64
1 5.03693904034 
0 
oversamp 7 1 68 0 1 2 1 9 1 64
1 1 
0 
lvl 1 1 1000000000 -1000000000 0 4 1 1 1 64
1 -4.01050857183 
0 
lpalg1 2 2 8 0 0 3 1 0 1 64
1 "lpfft"
0 
lockgain_ 1 1 48 0 1 2 1 65552 1 64
1 33 
0 
load 2 2 4 0 0 2 1 3 1 64
1 "n"
2 "y" "n" 
llfrq 1 1 1000000000 -1000000000 0 4 1 0 0 64
39 4888.55899909 4880.91737796 4799.977327 4798.93806653 4792.64137072 4791.47984431 4744.89652193 4744.10179334 4743.30706474 4737.19376784 4736.39903924 4735.60431065 4697.94640174 4697.21280611 4690.12138171 2683.98187099 2676.09571799 2666.8035067 2658.9173537 2433.76462887 2429.85211886 2416.58626459 2412.67375457 2324.88681109 2320.66863622 2316.45046136 2005.52818103 2000.94320835 1999.35375116 1994.76877848 1991.83439597 1987.2494233 1798.83761284 1791.50165656 1789.78993342 1782.45397714 1526.12343813 1518.66521591 1511.26812666 
0 
llamp 1 1 1000000000 0 0 4 1 0 0 64
39 0.298170119524 0.315501600504 0.382687777281 0.379846781492 0.258470833302 0.250419586897 0.308524668217 0.424139350653 0.320710659027 0.237478658557 0.321330815554 0.239238724113 0.230527490377 0.230521500111 0.395463168621 0.27245926857 0.286039829254 0.313853859901 0.327554225922 0.304993152618 0.32534584403 0.262732475996 0.286331295967 0.210111513734 0.23262770474 0.210423305631 0.217478111386 0.225805833936 0.245909035206 0.230761110783 0.240097299218 0.224836498499 0.207723245025 0.236604377627 0.20995336771 0.225932016969 1.67415308952 3.25258111954 1.51997828484 
0 
lllabel 2 2 8 0 0 3 1 0 1 64
1 ""
0 
locdir 2 2 8 0 0 2 1 0 1 64
1 ""
0 
loc_ 7 1 12 12 12 2 1 8201 1 64
1 0 
0 
lockfreq_ 5 1 160 0 1e-07 2 1 9 1 64
1 76.7476 
0 
lot 2 2 8 0 0 2 1 0 1 64
1 ""
0 
lockpower_ 1 1 68 0 1 2 1 65552 1 64
1 30 
0 
lockphase_ 1 1 360 0 1 2 1 65552 1 64
1 51 
0 
longlist 2 2 8 0 0 2 1 0 1 64
1 ""
0 
lp1 1 1 3600 -3600 0.1 4 1 3 1 64
1 0 
0 
lp 1 1 3600 -3600 0.1 4 1 3 1 64
1 -492.753623188 
0 
lpalg 2 2 8 0 0 3 1 0 1 64
1 "lpfft"
0 
lpopt1 2 2 8 0 0 3 1 0 1 64
1 "b"
0 
lpfilt1 7 1 32767 1 1 3 1 0 1 64
1 32 
0 
lpext1 7 1 1000000 0 1 3 1 0 1 64
1 1 
0 
lpext 7 1 1000000 0 1 3 1 0 1 64
1 1 
0 
lpfilt 7 1 32767 1 1 3 1 0 1 64
1 32 
0 
lpnupts1 7 1 1000000 1 1 3 1 0 1 64
1 64 
0 
lpnupts 7 1 1000000 1 1 3 1 0 1 64
1 64 
0 
lpopt 2 2 8 0 0 3 1 0 1 64
1 "b"
0 
lptrace1 7 1 32767 0 1 3 1 0 1 64
1 0 
0 
lpprint1 7 1 63 0 1 3 1 0 1 64
1 0 
0 
lpprint 7 1 63 0 1 3 1 0 1 64
1 0 
0 
lptrace 7 1 32767 0 1 3 1 0 1 64
1 0 
0 
lsfrq 1 1 9.99999984307e+17 -9.99999984307e+17 0 3 1 0 0 64
1 0 
0 
lsfid 7 1 64000 -64000 1 3 1 0 0 64
1 0 
0 
lsfrq1 1 1 9.99999984307e+17 -9.99999984307e+17 0 3 1 0 0 64
1 0 
0 
nameprefix 2 2 8 0 0 2 1 9 1 64
1 "Ethylindanone"
0 
mixN 3 1 14 14 14 2 1 8192 1 64
1 0.5 
0 
method 2 2 6 0 0 2 1 3 1 64
1 "z1z2"
0 
mass 1 1 9.99999984307e+17 0 0 2 1 8 1 64
1 0 
0 
macro 2 2 6 0 0 4 1 3 1 64
1 ""
0 
math 2 2 1 0 0 3 1 3 1 64
1 "f"
3 "d" "f" "i" 
mfslp 4 2 4 0 0 2 1 0 1 64
1 "n"
0 
n1 2 2 6 0 0 4 1 3 1 64
1 ""
0 
modules 2 2 8 0 0 2 1 1 1 64
1 "presat wet gradient quant pureshift"
0 
molecularmass 1 1 9.99999984307e+17 0 0 2 1 8 1 64
1 0 
0 
n3 2 2 6 0 0 4 1 3 1 64
1 "n"
0 
n2 2 2 6 0 0 4 1 3 1 64
1 "n"
0 
name 2 2 8 0 0 3 1 0 1 64
1 ""
0 
np2 1 1 9.99999984307e+17 -9.99999984307e+17 0 2 1 0 1 64
1 30 
0 
nid 1 1 9.99999984307e+17 -9.99999984307e+17 0 2 1 0 1 64
20 0 1 2 3 4 5 6 7 8 9 10 11 12 13 14 15 16 17 18 19 
0 
ni 7 1 32767 0 0 2 1 0 1 64
1 1 
0 
newmodules 2 2 8 0 0 2 1 1 1 64
1 ""
0 
np 7 1 524288 32 2 2 1 11 1 64
1 27360 
0 
notebook 2 2 8 0 0 2 1 0 1 64
1 ""
0 
np1 1 1 9.99999984307e+17 -9.99999984307e+17 0 2 1 0 1 64
1 205 
0 
oscoef 7 1 49999 3 2 2 1 1 0 64
1 31 
0 
obsSW 2 2 8 0 0 2 1 1 1 64
1 "setsw(4.1,3.2)"
0 
nt 7 1 1000000000 1 1 2 1 2 1 64
1 16 
0 
operator_ 2 2 128 0 0 2 1 32772 1 64
1 "hyq_tmp1"
0 
osfilt 2 2 8 0 0 2 1 0 1 64
1 ""
5 "a" "A" "b" "B" "" 
osfb 1 1 100000 0 0 2 1 1 0 64
1 0 
0 
oslsfrq 1 1 9.99999984307e+17 -9.99999984307e+17 0 2 1 1 0 64
1 0 
0 
plt2Darg 2 2 8 0 0 4 1 272 1 64
8 "pos"
"7"
"1.5"
"proj"
"proj"
""
""
""
0 
parver 2 2 8 0 0 2 1 0 1 64
1 "VnmrJ VERSION 4.2 REVISION A"
0 
page 2 2 8 0 0 2 1 0 1 64
1 ""
0 
p11console 2 2 8 0 0 2 1 0 1 64
1 ""
0 
p1 6 1 13 13 13 2 1 8194 1 64
1 0 
0 
pad 3 1 14 14 14 2 1 8194 1 64
1 0.5 
0 
parlabel 2 2 8 0 0 2 1 5 1 64
1 "PSYCHE"
0 
paramChanged 1 1 9.99999984307e+17 -9.99999984307e+17 0 2 1 0 1 64
1 0 
0 
parstyle_ 2 2 8 0 0 4 1 0 1 64
1 "ppa"
0 
phfid1 1 1 3600 -3600 0.1 3 1 0 0 64
1 0 
0 
pfla 1 1 9.99999984307e+17 -9.99999984307e+17 0 2 1 0 1 64
1 12 
0 
parversion 1 1 9.99999984307e+17 -9.99999984307e+17 0 2 1 4 1 64
1 5.1 
0 
phfid 1 1 3600 -3600 0.1 3 1 0 0 64
1 0 
0 
plocklist 2 2 8 0 0 2 1 1 1 64
1 ""
0 
pkpick_ 2 2 8 0 0 4 1 0 1 64
1 "ppf"
0 
plotoption 2 2 8 0 0 4 1 0 1 64
7 "pl"
"axis"
"comments"
"params"
"logo"
"header"
"miniplot"
0 
pplvl_cf 1 1 9.99999984307e+17 -9.99999984307e+17 0 2 1 0 1 64
1 1 
0 
position1 2 2 8 0 0 3 1 0 1 64
1 ""
0 
pltopt 4 2 4 0 0 2 1 0 1 64
1 "n"
0 
pltmod 2 2 8 0 0 4 1 0 1 64
1 "fixed"
5 "off" "fixed" "full" "variable" "user" 
pmode 2 2 8 0 0 3 1 0 1 64
1 "partial"
0 
pp 6 1 13 13 13 2 1 8192 1 64
1 15 
0 
position2 2 2 8 0 0 3 1 0 1 64
1 ""
0 
pplvl 1 1 63 -16 1 2 1 0 1 64
1 55 
0 
presatinit 4 2 4 0 0 2 1 0 1 64
1 "n"
0 
preacq 6 1 13 13 13 2 1 8192 0 64
1 0 
0 
prcopt 4 2 4 0 0 2 1 0 1 64
1 "y"
0 
presatgh2 1 1 9.99999984307e+17 -9.99999984307e+17 0 2 1 0 1 64
1 10 
0 
prgcycle 7 1 32767 0 0 2 1 8 1 64
1 2 
0 
prescan 2 2 8 0 0 3 1 256 1 64
11 "Not done"
"Not done"
"off"
"off"
"off"
"off"
"off"
"on"
"on"
""
""
0 
time_exp 2 2 8 0 0 2 1 0 1 64
1 "8 hr, 5 min"
0 
selbwPS 1 1 9.99999984307e+17 -9.99999984307e+17 0 2 1 8 1 64
1 100 
0 
ref 5 1 1000000000 -1000000000 0 3 4 0 1 64
1 0 
0 
pwwet3 6 1 1000000 0 0.025 2 1 0 1 64
1 0 
0 
proc 2 2 10 0 0 3 1 1 1 64
1 "ft"
0 
prggzlvl 1 1 1000000 -1000000 1 2 1 0 1 64
1 20000 
0 
prggstab 3 1 14 14 14 2 1 8192 1 64
1 0.0005 
0 
prgflg 4 2 4 0 0 2 1 8 1 64
1 "n"
0 
prgd2 3 1 14 14 14 2 1 8192 1 64
1 0.0002 
0 
prggt 3 1 14 14 14 2 1 8192 1 64
1 0.001 
0 
probe_ 2 2 8 0 0 2 1 8 1 64
1 "oneprobe"
0 
prgpw 6 1 13 13 13 2 1 8192 1 64
1 9.8 
0 
priority 7 1 32768 0 1 2 1 0 1 64
1 5 
0 
probetype_ 2 2 8 0 0 2 1 0 1 64
1 "liquids"
0 
probestyle_ 2 2 8 0 0 2 1 0 1 64
1 "one"
0 
psppm 2 2 8 0 0 2 1 1 1 64
1 ""
0 
processid 1 1 9.99999984307e+17 -9.99999984307e+17 0 3 1 0 1 64
1 0 
0 
proccmd 2 2 8 0 0 3 1 7 1 64
1 "wft('acq')"
0 
proc1 2 2 10 0 0 3 2 1 1 64
1 "ft"
0 
procdim 7 1 32767 0 0 3 1 0 1 64
1 1 
0 
psatsolv 2 2 8 0 0 2 1 0 1 64
1 "D2O"
0 
protocols 2 2 8 0 0 3 1 0 1 64
1 ""
0 
pslabel 2 2 8 0 0 2 1 11 1 64
1 "ZS_2dJD"
0 
pw90 6 1 13 13 13 2 1 8194 1 64
1 11.6 
0 
pw 6 1 13 13 13 2 1 8194 1 64
1 11.85 
0 
pstof 5 1 1000000000 -1000000000 0 2 1 264 1 64
1 0 
0 
pwwet1 6 1 1000000 0 0.025 2 1 0 1 64
1 0 
0 
pwwet 6 1 1000000 0 0.025 2 1 0 1 64
1 0 
0 
pwwet2 6 1 1000000 0 0.025 2 1 0 1 64
1 0 
0 
r1 1 1 1e+18 -1e+18 0 4 1 1 1 64
1 0 
0 
pwx2lvl 1 1 63 -16 1 2 1 0 1 64
1 55 
0 
pwx 6 1 13 13 13 2 1 8192 1 64
1 9.8 
0 
pwwet4 6 1 1000000 0 0.025 2 1 0 1 64
1 0 
0 
pwx2 6 1 13 13 13 2 1 8192 1 64
1 15 
0 
pwxlvl 1 1 63 -16 1 2 1 0 1 64
1 58 
0 
pwx2lvl_cf 1 1 9.99999984307e+17 -9.99999984307e+17 0 2 1 0 1 64
1 1 
0 
pwxlvl_cf 1 1 9.99999984307e+17 -9.99999984307e+17 0 2 1 0 1 64
1 1.0851 
0 
r5 1 1 1e+18 -1e+18 0 4 1 1 1 64
1 0 
0 
r3 1 1 1e+18 -1e+18 0 4 1 1 1 64
1 0 
0 
r2 1 1 1e+18 -1e+18 0 4 1 1 1 64
1 0 
0 
r4 1 1 1e+18 -1e+18 0 4 1 1 1 64
1 0 
0 
r7 1 1 1e+18 -1e+18 0 4 1 1 1 64
1 0 
0 
r6 1 1 1e+18 -1e+18 0 4 1 1 1 64
1 0 
0 
sa 7 1 10000000 0 0 3 1 1 0 64
1 1024 
0 
rfl1 1 1 1000000000 -1000000000 0 4 1 1 1 64
1 0 
0 
researchgroup 2 2 8 0 0 2 1 0 1 64
1 ""
0 
reffrq 1 1 9.99999984307e+17 -9.99999984307e+17 0 4 1 0 1 64
1 499.963303392 
0 
ref_pw90 6 1 13 13 13 2 1 8192 1 64
1 11.6 
0 
ref1 5 1 1000000000 -1000000000 0 3 1 0 1 64
1 0 
0 
ref_pwr 1 1 9.99999984307e+17 -9.99999984307e+17 0 2 1 0 1 64
1 60 
0 
refpos 1 1 9.99999984307e+17 -9.99999984307e+17 0 4 1 0 1 64
1 0 
0 
reffrq1 1 1 9.99999984307e+17 -9.99999984307e+17 0 4 1 0 1 64
1 125.6955729 
0 
refstd_ 2 2 8 0 0 2 1 65808 1 64
1 ""
0 
rfchnuclei 2 2 8 0 0 2 1 256 1 64
1 ""
0 
retentiontime_ 2 2 8 0 0 2 1 0 1 64
1 ""
0 
retdly 1 1 9.99999984307e+17 -9.99999984307e+17 0 2 1 0 1 64
1 0.001113 
0 
rfband 4 2 4 0 0 2 1 0 1 64
1 "cc"
3 "c" "h" "l" 
rfl 1 1 1000000000 -1000000000 0 4 1 1 1 64
1 4501.29229808 
0 
rof2 6 1 13 13 13 2 1 8194 1 64
1 25 
0 
rfp1 1 1 1000000000 -1000000000 0 4 1 1 1 64
1 0 
0 
rfp 1 1 1000000000 -1000000000 0 4 1 1 1 64
1 0 
0 
rof1 6 1 13 13 13 2 1 8194 1 64
1 10 
0 
rp 1 1 3600 -3600 0.1 4 1 3 1 64
1 -141.109703585 
0 
rp1 1 1 3600 -3600 0.1 4 1 3 1 64
1 0 
0 
saveshapes 2 2 8 0 0 2 1 256 1 64
1 ""
0 
satfrq 5 1 1000000000 -1000000000 0 2 1 0 1 64
1 150 
0 
samplevolume 1 1 9.99999984307e+17 0 0 2 1 8 1 64
1 600 
0 
samplename 2 2 8 0 0 2 1 9 1 64
1 "Ethylindanone"
0 
sample 2 2 8 0 0 2 1 1 1 64
1 "Ethylindanone"
0 
sampleowner 2 2 8 0 0 2 1 0 1 64
1 ""
0 
sas 7 1 10000000 0 0 3 1 1 0 64
1 0 
0 
sampwt 1 1 9.99999984307e+17 -9.99999984307e+17 0 2 1 0 1 64
1 0 
0 
satdly 3 1 14 14 14 2 1 8192 1 64
1 2.5 
0 
satpwr 1 1 30 -16 0.5 2 1 0 1 64
1 26 
0 
satmode 4 2 4 0 0 2 1 0 1 64
1 "n"
0 
saveglobal_ 2 2 8 0 0 3 1 0 1 64
21 "probe"
"lcpeak"
"loc"
"lockpower"
"lockgain"
"lockphase"
"lockfreq"
"z0"
"lkof"
"vloc"
"vrack"
"vzone"
"vproto"
"pkpick"
"parstyle"
"operator"
"studyid"
"systemname"
"probetype"
"refstd"
"probestyle"
0 
sc 1 1 1 1 1 4 1 8195 1 64
1 8 
0 
sbs 1 1 1000 -1000 0 3 1 1 0 64
1 0 
0 
sb1 1 1 1000 -1000 0 3 1 1 0 64
1 0 
0 
sb 1 1 1000 -1000 0 3 1 0 0 64
1 0 
0 
sbbiflg 4 2 4 0 0 2 1 0 1 64
1 "n"
0 
sbs1 1 1 1000 -1000 0 3 1 1 0 64
1 0 
0 
scoutinfo 2 2 8 0 0 2 1 256 1 64
1 ""
0 
scans 2 2 8 0 0 3 1 0 1 64
1 ""
0 
sc2 1 1 3 3 3 4 1 8195 1 64
1 8 
0 
segstab 3 1 14 14 14 2 1 8192 1 64
1 0.0005 
0 
sdirtmplt 2 2 8 0 0 2 1 0 1 64
1 "$samplename$%R0%"
0 
segt5 3 1 14 14 14 2 1 8192 1 64
1 0.0005 
0 
slpsat 4 2 4 0 0 2 1 0 1 64
1 "n"
0 
selshapePS 2 2 8 0 0 2 1 0 1 64
1 "Ethylindanone_psyche2dj_2_014"
0 
selpw2 1 1 9.99999984307e+17 -9.99999984307e+17 0 2 1 0 1 64
1 0.01 
0 
selpat 2 2 8 0 0 2 1 0 1 64
1 "gauss"
0 
selfrqppm 1 1 9.99999984307e+17 -9.99999984307e+17 0 2 1 256 0 64
1 0 
0 
selfrqc 5 1 1000000000 -1000000000 0 2 1 256 0 64
1 0 
0 
selfrqw 1 1 9.99999984307e+17 -9.99999984307e+17 0 2 1 256 1 64
1 10 
0 
selpat3 2 2 8 0 0 2 1 0 1 64
1 "20171019M_ft_c_band0_2"
0 
selpat2 2 2 8 0 0 2 1 0 1 64
1 "20171019f14_band0_1"
0 
selpw 1 1 9.99999984307e+17 -9.99999984307e+17 0 2 1 0 1 64
1 0.01 
0 
selpwr2 1 1 9.99999984307e+17 -9.99999984307e+17 0 2 1 0 1 64
1 18 
0 
selpwPS 6 1 1000000 0 0.025 2 1 0 1 64
1 30000 
0 
selpw3 1 1 9.99999984307e+17 -9.99999984307e+17 0 2 1 0 1 64
1 0.006 
0 
selpwr 1 1 9.99999984307e+17 -9.99999984307e+17 0 2 1 0 1 64
1 12 
0 
selpwrPS 1 1 17 17 17 2 1 8192 1 64
1 10 
0 
selpwr3 1 1 9.99999984307e+17 -9.99999984307e+17 0 2 1 0 1 64
1 16 
0 
shims 2 2 8 0 0 2 1 0 1 64
1 ""
0 
seqfil 2 2 8 0 0 2 1 11 1 64
1 "ZS_2dJD"
0 
selwavePS 2 2 8 0 0 2 1 0 1 64
1 "chirp chirp"
0 
seltof 1 1 9.99999984307e+17 -9.99999984307e+17 0 2 1 0 1 64
1 -2137.5 
0 
sf1 1 1 9.99999984307e+17 -9.99999984307e+17 0 4 1 0 1 64
1 0 
0 
sf 1 1 8190 0 1e-07 4 1 3 1 64
1 0 
0 
sfrq 1 1 1000000000 0 0 2 1 11 1 64
1 499.9638021 
0 
shownumstyle 2 2 8 0 0 4 1 0 1 64
1 "auto"
0 
showcontent 2 2 8 0 0 4 1 0 1 64
1 "s"
0 
showarray 2 2 8 0 0 4 1 0 1 64
1 "horiz"
0 
shownumbers 2 2 8 0 0 4 1 0 1 64
1 "n"
0 
shownumy 1 1 9.99999984307e+17 -9.99999984307e+17 0 4 1 0 1 64
1 0 
0 
shownumx 1 1 9.99999984307e+17 -9.99999984307e+17 0 4 1 0 1 64
1 0 
0 
slpname 2 2 8 0 0 2 1 256 1 64
1 ""
0 
studyid_ 2 2 8 0 0 2 1 0 1 64
1 ""
0 
ss 7 1 32767 -32768 0 2 1 0 1 64
1 8 
0 
sp1 1 1 1000000000 -1000000000 0 4 1 3 1 64
1 0 
0 
solvent 2 2 6 0 0 2 1 11 1 64
1 "dmso"
0 
sn 1 1 1e+18 -1e+18 0 3 1 1 1 64
1 0 
0 
sp 1 1 1000000000 -1000000000 0 4 1 3 1 64
1 -4498.85089183 
0 
srate 7 1 32767 0 1 2 1 1 1 64
1 25 
0 
spin 1 1 39 0 1 2 1 0 1 64
1 0 
0 
sreffrq 1 1 9.99999984307e+17 -9.99999984307e+17 0 2 1 0 1 64
1 499.963303392 
0 
strtlp 7 1 1000000 1 1 3 1 0 1 64
1 2 
0 
strtext 7 1 1000000 1 1 3 1 0 1 64
1 1 
0 
sspul 4 2 4 0 0 2 1 0 1 64
1 "y"
0 
strtext1 7 1 1000000 1 1 3 1 0 1 64
1 1 
0 
strtpar 2 2 8 0 0 2 1 0 1 64
1 ""
0 
strtlp1 7 1 1000000 1 1 3 1 0 1 64
1 2 
0 
study 2 2 8 0 0 3 1 0 1 64
1 ""
0 
sw1 1 1 5000000 1 -1.25e-08 2 1 0 1 64
1 100 
0 
svftmplt 2 2 8 0 0 2 1 0 1 64
1 "$samplename$_$explabel$_"
0 
studystatus 2 2 8 0 0 2 1 0 1 64
1 "Active"
0 
studyowner 2 2 8 0 0 2 1 0 1 64
1 "heiko"
0 
svfopt 4 2 4 0 0 2 1 0 1 64
1 "y"
0 
sw 1 1 5 5 5 2 1 8203 1 64
1 10000 
0 
tempFTS 1 1 200 -150 0.1 2 1 1 1 64
1 25 
0 
tauPS 3 1 14 14 14 2 1 8200 1 64
1 0.01 
0 
systemname_ 2 2 8 0 0 2 1 0 1 64
1 "UP500-vnmrs500"
0 
temp 1 1 200 -150 0.1 2 1 8 1 64
1 25 
0 
th 1 1 1000000000 0 0 4 1 1 1 64
1 16.4393930486 
0 
text_string 2 2 8 0 0 4 1 256 1 64
6 "Ethyl indanone, standard test sample"
"Recorded on ProPulse 500 with OneNMR probe and Protune tuning"
""
"Classical 8 scan PROTON with a recycle time of 3 s, non-spinning"
""
"Note the deviating integrals due to incomplete relaxation compared to Ethylindanone_PROTON_04."
0 
time_complete 2 2 8 0 0 4 1 0 1 64
1 "20201024T074051"
0 
wetshape 2 2 8 0 0 2 1 0 1 64
1 "wetshp"
0 
vp 7 1 500 -500 0.1 4 1 3 1 64
1 26 
0 
tof 5 1 7 7 7 2 1 8202 1 64
1 -2001.1 
0 
tin 2 2 1 0 0 2 1 2 1 64
1 "n"
3 "n" "w" "y" 
time_saved 2 2 8 0 0 4 1 0 1 64
1 "20201024T214152"
0 
time_processed 2 2 8 0 0 3 1 0 1 64
1 "20201024T074051"
0 
time_plotted 2 2 8 0 0 3 1 0 1 64
1 ""
0 
time_run 2 2 8 0 0 2 1 0 1 64
1 "20201023T233545"
0 
time_submitted_local 2 2 8 0 0 2 1 0 1 64
1 "20201023T233544X11PMFriOct"
0 
time_submitted 2 2 8 0 0 2 1 0 1 64
1 "20201023T233544"
0 
time_svfdate 2 2 8 0 0 2 1 0 1 64
1 "20201023T233544"
0 
tnbippwr 1 1 17 17 17 2 1 8192 1 64
1 58 
0 
tn 2 2 4 0 0 2 1 8 1 64
1 "H1"
0 
tlt 1 1 1000000000 -1000000000 0 4 1 1 1 64
1 8.44113411924 
0 
tnbippw 6 1 1000000 0 0.025 2 1 0 1 64
1 60 
0 
tnref 2 2 8 0 0 4 1 1 1 64
1 "Me4Si, 1% in CDCl3"
0 
tnbipshp 2 2 8 0 0 2 1 0 1 64
1 "bip60us"
0 
tnshapes 2 2 8 0 0 2 1 256 1 64
3 "selshapePS"
"selpwrPS"
"selpwPS"
0 
username 2 2 8 0 0 2 1 0 1 64
1 ""
0 
tpwr 1 1 17 17 17 2 1 8194 1 64
1 58 
0 
tofh2o 5 1 1000000000 -1000000000 0 2 1 0 1 64
1 0 
0 
tof2 1 1 9.99999984307e+17 -9.99999984307e+17 0 2 1 0 1 64
1 0 
0 
trace 2 2 2 0 0 4 1 3 1 64
1 "f2"
2 "f1" "f2" 
tpwr_cf 1 1 9.99999984307e+17 -9.99999984307e+17 0 2 1 0 1 64
1 1.0375 
0 
tunemethod 2 2 8 0 0 2 1 0 1 64
1 "lohi-fine"
0 
vjdialogarg 2 2 8 0 0 4 1 256 1 64
1 ""
0 
vf 1 1 1000000000 0 0 4 1 3 1 64
1 22312.3 
0 
userplotter 2 2 8 0 0 4 1 0 1 64
1 ""
0 
vjdialog 2 2 8 0 0 4 1 256 1 64
1 ""
0 
vo 1 1 500 -500 0 4 1 1 1 64
1 0 
0 
vloc_ 2 2 8 0 0 2 1 8 1 64
1 "0"
0 
volume 1 1 9.99999984307e+17 -9.99999984307e+17 0 2 1 0 1 64
1 0 
0 
wds 2 2 8 0 0 3 1 0 1 64
1 ""
0 
vsproj 1 1 1000000000 1e-06 0 4 1 3 1 64
1 402.831816319 
0 
vrack_ 7 1 5 1 0 2 1 0 1 64
1 1 
0 
vpfi 1 1 500 -500 0 4 1 0 1 64
1 0 
0 
vpf 1 1 500 -500 0 4 1 0 1 64
1 0 
0 
vproto_ 2 2 8 0 0 2 1 0 1 64
1 ""
0 
vs2d 1 1 1000000000 1e-06 0 4 1 3 1 64
1 981091.07695 
0 
vs 1 1 1000000000 1e-06 0 4 1 3 1 64
1 126.141396383 
0 
wbs 2 2 6 0 0 3 1 3 1 64
1 ""
0 
vtwait 3 1 14 14 14 2 1 8194 1 64
1 300 
0 
vtc 1 1 255 0 1 2 1 2 1 64
1 25 
0 
vzone_ 7 1 15 1 0 2 1 0 1 64
1 1 
0 
wc2 1 1 4 4 4 4 1 8195 1 64
1 139 
0 
wc 1 1 2 2 2 4 1 8203 1 64
1 234 
0 
wdone 2 2 8 0 0 3 1 0 1 64
1 ""
0 
wetpeaks 7 1 10 0 1 2 1 0 0 64
1 0 
0 
wetfly 4 2 4 0 0 2 1 0 1 64
1 "n"
0 
wet 4 2 4 0 0 2 1 0 1 64
1 "n"
0 
werr 2 2 6 0 0 3 1 3 1 64
1 ""
0 
wet_cf 1 1 9.99999984307e+17 -9.99999984307e+17 0 2 1 0 1 64
1 1 
0 
wetfrqs 2 2 8 0 0 2 1 256 1 64
1 "seduce"
0 
wetfrq 5 1 1000000000 -1000000000 0 2 1 256 0 64
1 0 
0 
wetfrqw 1 1 9.99999984307e+17 -9.99999984307e+17 0 2 1 256 1 64
1 80 
0 
wetpwr3 1 1 9.99999984307e+17 -9.99999984307e+17 0 2 1 0 1 64
1 0 
0 
wetpwr1 1 1 9.99999984307e+17 -9.99999984307e+17 0 2 1 0 1 64
1 0 
0 
wetpwr 1 1 9.99999984307e+17 -9.99999984307e+17 0 2 1 0 1 64
1 0 
0 
wetpwr2 1 1 9.99999984307e+17 -9.99999984307e+17 0 2 1 0 1 64
1 0 
0 
wetset 2 2 8 0 0 4 1 0 1 64
1 "set1"
0 
wetpwr4 1 1 9.99999984307e+17 -9.99999984307e+17 0 2 1 0 1 64
1 0 
0 
z0_ 1 1 19 19 19 2 1 73744 1 64
1 4949 
0 
wstart 2 2 8 0 0 3 1 0 1 64
1 "PSYCHEproc"
0 
whatemail 2 2 8 0 0 2 1 0 1 64
1 "message"
0 
wetshape4 2 2 8 0 0 2 1 0 1 64
1 "wetshp"
0 
wetshape2 2 2 8 0 0 2 1 0 1 64
1 "wetshp"
0 
wetshape1 2 2 8 0 0 2 1 0 1 64
1 "wetshp"
0 
wetshape3 2 2 8 0 0 2 1 0 1 64
1 "wetshp"
0 
wf 1 1 8190 0 1e-07 4 1 3 1 64
1 1.368 
0 
wexp 2 2 6 0 0 3 1 3 1 64
1 "process"
0 
wf1 1 1 9.99999984307e+17 -9.99999984307e+17 0 4 1 0 1 64
1 5.12 
0 
wp1 1 1 100000 0 0 4 1 3 1 64
1 100 
0 
wnt 2 2 6 0 0 3 1 3 1 64
1 ""
0 
whenemail 2 2 8 0 0 2 1 0 1 64
1 "never"
0 
wp 1 1 5000000 0 0 4 1 11 1 64
1 9997.55859375 
0 
wrtp 2 2 8 0 0 3 1 0 1 64
1 ""
0 
wqinit 2 2 8 0 0 4 1 0 1 64
1 ""
0 
wshim 4 2 4 0 0 2 1 1 1 64
1 "n"
15 "e" "f" "g" "n" "s" "0" "1" "2" "3" "4" "5" "6" "7" "8" "9" 
xy 7 1 19 19 19 2 1 8192 1 64
1 -121 
0 
x1 7 1 19 19 19 2 1 8192 1 64
1 1713 
0 
wtfile1 2 2 15 0 0 3 2 1 1 64
1 ""
0 
wtfile 2 2 15 0 0 3 1 1 1 64
1 ""
0 
wtune 4 2 4 0 0 2 1 0 1 64
1 "t12"
10 "s" "t" "e" "v" "i" "n" "1" "2" "3" "4" 
x3 7 1 19 19 19 2 1 8192 1 64
1 -1685 
0 
x2y2 7 1 19 19 19 2 1 8192 1 64
1 6750 
0 
x4 7 1 19 19 19 2 1 8192 1 64
1 0 
0 
y3 7 1 19 19 19 2 1 8192 1 64
1 -7956 
0 
xz2 7 1 19 19 19 2 1 8192 1 64
1 6848 
0 
xz 7 1 19 19 19 2 1 8192 1 64
1 17299 
0 
y1 7 1 19 19 19 2 1 8192 1 64
1 1224 
0 
yz 7 1 19 19 19 2 1 8192 1 64
1 16589 
0 
y4 7 1 19 19 19 2 1 8192 1 64
1 0 
0 
yz2 7 1 19 19 19 2 1 8192 1 64
1 1151 
0 
z3y3 7 1 19 19 19 2 1 8192 1 64
1 0 
0 
z2y3 7 1 19 19 19 2 1 8192 1 64
1 0 
0 
z2c 7 1 19 19 19 2 1 8192 1 64
1 196 
0 
z1c 7 1 19 19 19 2 1 8192 1 64
1 -1044 
0 
z1 7 1 19 19 19 2 1 8192 1 64
1 9013 
0 
z2 7 1 19 19 19 2 1 8192 1 64
1 -98 
0 
z2x3 7 1 19 19 19 2 1 8192 1 64
1 0 
0 
z2x2y2 7 1 19 19 19 2 1 8192 1 64
1 1934 
0 
z2xy 7 1 19 19 19 2 1 8192 1 64
1 -1107 
0 
z3x2y2 7 1 19 19 19 2 1 8192 1 64
1 0 
0 
z3c 7 1 19 19 19 2 1 8192 1 64
1 0 
0 
z3 7 1 19 19 19 2 1 8192 1 64
1 3390 
0 
z3x 7 1 19 19 19 2 1 8192 1 64
1 -937 
0 
z3xy 7 1 19 19 19 2 1 8192 1 64
1 0 
0 
z3x3 7 1 19 19 19 2 1 8192 1 64
1 0 
0 
z3y 7 1 19 19 19 2 1 8192 1 64
1 21 
0 
z5x 7 1 19 19 19 2 1 8192 1 64
1 0 
0 
z4x2y2 7 1 19 19 19 2 1 8192 1 64
1 0 
0 
z4c 7 1 19 19 19 2 1 8192 1 64
1 0 
0 
z4 7 1 19 19 19 2 1 8192 1 64
1 3160 
0 
z4x 7 1 19 19 19 2 1 8192 1 64
1 -5161 
0 
z4y 7 1 19 19 19 2 1 8192 1 64
1 494 
0 
z4xy 7 1 19 19 19 2 1 8192 1 64
1 0 
0 
z5 7 1 19 19 19 2 1 8192 1 64
1 8194 
0 
z8 7 1 19 19 19 2 1 8192 1 64
1 0 
0 
z6 7 1 19 19 19 2 1 8192 1 64
1 171 
0 
z5y 7 1 19 19 19 2 1 8192 1 64
1 0 
0 
z7 7 1 19 19 19 2 1 8192 1 64
1 227 
0 
zx2y2 7 1 19 19 19 2 1 8192 1 64
1 -4014 
0 
zoom 7 1 32767 0 0 4 1 0 1 64
1 0 
0 
zxy 7 1 19 19 19 2 1 8192 1 64
1 5867 
0 
zx3 7 1 19 19 19 2 1 8192 1 64
1 -3404 
0 
zy3 7 1 19 19 19 2 1 8192 1 64
1 -2598 
0 
